GEM
  specs:
    coderay (1.1.2)
    colorize (0.8.1)
    method_source (0.9.2)
    pry (0.12.2)
      coderay (~> 1.1.0)
      method_source (~> 0.9.0)
    rufo (0.7.0)

PLATFORMS
  ruby

DEPENDENCIES
  colorize
  pry
  rufo

BUNDLED WITH
   2.0.1
